PATH
  remote: .
  specs:
    schema_dot_org (1.6.4)

GEM
  remote: https://rubygems.org/
  specs:
    diff-lcs (1.5.0)
    rake (10.5.0)
    rspec (3.11.0)
      rspec-core (~> 3.11.0)
      rspec-expectations (~> 3.11.0)
      rspec-mocks (~> 3.11.0)
    rspec-core (3.11.0)
      rspec-support (~> 3.11.0)
    rspec-expectations (3.11.0)
      diff-lcs (>= 1.2.0, < 2.0)
      rspec-support (~> 3.11.0)
    rspec-mocks (3.11.1)
      diff-lcs (>= 1.2.0, < 2.0)
      rspec-support (~> 3.11.0)
    rspec-support (3.11.0)

PLATFORMS
  ruby

DEPENDENCIES
  bundler (~> 2.3)
  rake (~> 10.0)
  rspec (~> 3.11)
  schema_dot_org!

BUNDLED WITH
   2.3.8
